GEM
  remote: https://rubygems.org/
  specs:
    couchrest (1.2.0)
      mime-types (~> 1.15)
      multi_json (~> 1.0)
      rest-client (~> 1.6.1)
    diff-lcs (1.2.5)
    json (1.8.1)
    liquid (3.0.0)
    mime-types (1.25.1)
    multi_json (1.10.1)
    rack (1.6.0)
    rdoc (4.2.0)
      json (~> 1.4)
    redcarpet (3.2.2)
    rest-client (1.6.8)
      mime-types (~> 1.16)
      rdoc (>= 2.4.2)
    rspec (3.1.0)
      rspec-core (~> 3.1.0)
      rspec-expectations (~> 3.1.0)
      rspec-mocks (~> 3.1.0)
    rspec-core (3.1.7)
      rspec-support (~> 3.1.0)
    rspec-expectations (3.1.2)
      diff-lcs (>= 1.2.0, < 2.0)
      rspec-support (~> 3.1.0)
    rspec-mocks (3.1.3)
      rspec-support (~> 3.1.0)
    rspec-support (3.1.2)
    shotgun (0.9)
      rack (>= 1.0)

PLATFORMS
  ruby

DEPENDENCIES
  couchrest (~> 1.2.0)
  liquid (~> 3.0.0)
  rack (~> 1.6.0)
  redcarpet (~> 3.2.2)
  rspec (~> 3.1.0)
  shotgun (~> 0.9)
